GEM
  remote: https://rubygems.org/
  specs:
    activesupport (6.1.3.2)
      concurrent-ruby (~> 1.0, >= 1.0.2)
      i18n (>= 1.6, < 2)
      minitest (>= 5.1)
      tzinfo (~> 2.0)
      zeitwerk (~> 2.3)
    colored (1.2)
    concurrent-ruby (1.1.8)
    ethon (0.14.0)
      ffi (>= 1.15.0)
    ffi (1.15.0)
    github-markdown (0.6.9)
    html-pipeline (1.11.0)
      activesupport (>= 2)
      nokogiri (~> 1.4)
    html-proofer (0.6.8)
      colored (~> 1.2)
      mercenary (~> 0.3.2)
      nokogiri (~> 1.6.0)
      typhoeus (~> 0.6.7)
      yell (~> 2.0)
    i18n (1.8.10)
      concurrent-ruby (~> 1.0)
    markdown_proofer (0.1.1)
      github-markdown (~> 0.6.5)
      html-pipeline (< 2)
      html-proofer (~> 0.6.7)
    mercenary (0.3.6)
    mini_portile2 (2.1.0)
    minitest (5.14.4)
    nokogiri (1.6.8.1)
      mini_portile2 (~> 2.1.0)
    rake (10.3.2)
    typhoeus (0.6.9)
      ethon (>= 0.7.1)
    tzinfo (2.0.4)
      concurrent-ruby (~> 1.0)
    yell (2.2.2)
    zeitwerk (2.4.2)

PLATFORMS
  ruby

DEPENDENCIES
  markdown_proofer (>= 0.1.0)
  rake

BUNDLED WITH
   2.1.4
